GEM
  remote: http://rubygems.org/
  specs:
    actionmailer (2.3.8)
      actionpack (= 2.3.8)
    actionpack (2.3.8)
      activesupport (= 2.3.8)
      rack (~> 1.1.0)
    activerecord (2.3.8)
      activesupport (= 2.3.8)
    activeresource (2.3.8)
      activesupport (= 2.3.8)
    activesupport (2.3.8)
    cgi_multipart_eof_fix (2.5.0)
    daemons (1.1.0)
    faker (0.9.4)
      i18n (~> 0.4)
    fastthread (1.0.7)
    gem_plugin (0.2.3)
    i18n (0.5.0)
    mongrel (1.1.5)
      cgi_multipart_eof_fix (>= 2.4)
      daemons (>= 1.0.3)
      fastthread (>= 1.0.1)
      gem_plugin (>= 0.2.3)
    nifty-generators (0.4.2)
    populator (0.2.5)
    rack (1.1.0)
    rails (2.3.8)
      actionmailer (= 2.3.8)
      actionpack (= 2.3.8)
      activerecord (= 2.3.8)
      activeresource (= 2.3.8)
      activesupport (= 2.3.8)
      rake (>= 0.8.3)
    rails-footnotes (3.6.7)
    rake (0.8.7)
    sqlite3-ruby (1.3.2)

PLATFORMS
  ruby

DEPENDENCIES
  faker
  mongrel (= 1.1.5)
  nifty-generators (= 0.4.2)
  populator
  rails (= 2.3.8)
  rails-footnotes (= 3.6.7)
  sqlite3-ruby (= 1.3.2)
